GEM
  remote: https://rubygems.org/
  specs:
    coderay (1.1.0)
    diff-lcs (1.2.5)
    method_source (0.8.2)
    pry (0.8.3)
      coderay (>= 0.9.7)
      method_source (>= 0.4.0)
      ruby_parser (>= 2.0.5)
      slop (>= 1.5.3)
    rspec (3.4.0)
      rspec-core (~> 3.4.0)
      rspec-expectations (~> 3.4.0)
      rspec-mocks (~> 3.4.0)
    rspec-core (3.4.2)
      rspec-support (~> 3.4.0)
    rspec-expectations (3.4.0)
      diff-lcs (>= 1.2.0, < 2.0)
      rspec-support (~> 3.4.0)
    rspec-mocks (3.4.1)
      diff-lcs (>= 1.2.0, < 2.0)
      rspec-support (~> 3.4.0)
    rspec-support (3.4.1)
    ruby_parser (3.7.3)
      sexp_processor (~> 4.1)
    sexp_processor (4.6.1)
    slop (4.2.1)
    terminal-table (1.5.2)

PLATFORMS
  ruby

DEPENDENCIES
  pry
  rspec
  slop (~> 4.2, >= 4.2.1)
  terminal-table
